GEM
  remote: https://rubygems.org/
  specs:
    ffi (1.4.0)
    json (1.7.7)
    rack (1.5.2)
    rack-protection (1.3.2)
      rack
    sinatra (1.3.5)
      rack (~> 1.4)
      rack-protection (~> 1.3)
      tilt (~> 1.3, >= 1.3.3)
    sys-filesystem (1.1.0)
      ffi
    tilt (1.3.4)

PLATFORMS
  ruby

DEPENDENCIES
  json
  sinatra
  sys-filesystem
